GEM
  remote: https://rubygems.org/
  specs:
    binding_of_caller (0.8.0)
      debug_inspector (>= 0.0.1)
    byebug (11.1.3)
    coderay (1.1.3)
    csv (3.0.9)
    debug_inspector (0.0.3)
    method_source (1.0.0)
    pry (0.13.1)
      coderay (~> 1.1)
      method_source (~> 1.0)
    pry-byebug (3.9.0)
      byebug (~> 11.0)
      pry (~> 0.13.0)
    pry-stack_explorer (0.4.12)
      binding_of_caller (~> 0.7)
      pry (~> 0.13)

PLATFORMS
  ruby

DEPENDENCIES
  csv (= 3.0.9)
  pry
  pry-byebug
  pry-stack_explorer

BUNDLED WITH
   1.17.3
